REDIRECTS: ON
STORAGE: NONE
RESTRICTION: || (== net472) (== net48) (== net6.0) (== netstandard2.0)
NUGET
  remote: https://api.nuget.org/v3/index.json
    Azure.Core (1.34)
      Microsoft.Bcl.AsyncInterfaces (>= 1.1.1)
      System.Diagnostics.DiagnosticSource (>= 6.0.1)
      System.Memory.Data (>= 1.0.2)
      System.Net.Http (>= 4.3.4) - restriction: || (== net472) (== net48) (&& (== net6.0) (>= net461)) (&& (== netstandard2.0) (>= net461))
      System.Numerics.Vectors (>= 4.5)
      System.Runtime.InteropServices.RuntimeInformation (>= 4.3) - restriction: || (== net472) (== net48) (&& (== net6.0) (>= net461)) (&& (== netstandard2.0) (>= net461))
      System.Text.Encodings.Web (>= 4.7.2)
      System.Text.Json (>= 4.7.2)
      System.Threading.Tasks.Extensions (>= 4.5.4)
    Azure.Storage.Blobs (12.17)
      Azure.Storage.Common (>= 12.16)
      System.Text.Json (>= 4.7.2)
    Azure.Storage.Common (12.16)
      Azure.Core (>= 1.33)
      System.IO.Hashing (>= 6.0)
    Microsoft.Bcl.AsyncInterfaces (6.0)
      System.Threading.Tasks.Extensions (>= 4.5.4) - restriction: || (== net472) (== net48) (&& (== net6.0) (>= net461)) (&& (== net6.0) (< netstandard2.1)) (== netstandard2.0)
    Nullable (1.3.1)
    System.Buffers (4.5.1) - restriction: || (== net472) (== net48) (&& (== net6.0) (>= net461)) (&& (== net6.0) (< netcoreapp3.1)) (== netstandard2.0)
    System.Diagnostics.DiagnosticSource (6.0.1)
      System.Memory (>= 4.5.4) - restriction: || (== net472) (== net48) (&& (== net6.0) (>= net461)) (&& (== net6.0) (< net5.0)) (== netstandard2.0)
      System.Runtime.CompilerServices.Unsafe (>= 6.0)
    System.IO (4.3) - restriction: || (== net472) (== net48) (&& (== net6.0) (>= net461)) (&& (== net6.0) (>= net463)) (&& (== netstandard2.0) (>= net461)) (&& (== netstandard2.0) (>= net463))
    System.IO.Hashing (6.0.2)
      System.Buffers (>= 4.5.1) - restriction: || (== net472) (== net48) (&& (== net6.0) (>= net461)) (== netstandard2.0)
      System.Memory (>= 4.5.4) - restriction: || (== net472) (== net48) (&& (== net6.0) (>= net461)) (== netstandard2.0)
    System.Memory (4.5.5)
      System.Buffers (>= 4.5.1) - restriction: || (== net472) (== net48) (&& (== net6.0) (>= monotouch)) (&& (== net6.0) (>= net461)) (&& (== net6.0) (< netcoreapp2.0)) (&& (== net6.0) (< netstandard1.1)) (&& (== net6.0) (< netstandard2.0)) (&& (== net6.0) (>= xamarinios)) (&& (== net6.0) (>= xamarinmac)) (&& (== net6.0) (>= xamarintvos)) (&& (== net6.0) (>= xamarinwatchos)) (== netstandard2.0)
      System.Numerics.Vectors (>= 4.4) - restriction: || (&& (== net472) (== net6.0)) (&& (== net472) (< net45)) (&& (== net48) (== net6.0)) (&& (== net48) (< net45)) (&& (== net6.0) (< netcoreapp2.0)) (== netstandard2.0)
      System.Numerics.Vectors (>= 4.5) - restriction: || (== net472) (== net48) (&& (== net6.0) (>= net461)) (&& (== netstandard2.0) (>= net461))
      System.Runtime.CompilerServices.Unsafe (>= 4.5.3) - restriction: || (== net472) (== net48) (&& (== net6.0) (>= monotouch)) (&& (== net6.0) (>= net461)) (&& (== net6.0) (< netcoreapp2.0)) (&& (== net6.0) (< netcoreapp2.1)) (&& (== net6.0) (< netstandard1.1)) (&& (== net6.0) (< netstandard2.0)) (&& (== net6.0) (>= uap10.1)) (&& (== net6.0) (>= xamarinios)) (&& (== net6.0) (>= xamarinmac)) (&& (== net6.0) (>= xamarintvos)) (&& (== net6.0) (>= xamarinwatchos)) (== netstandard2.0)
    System.Memory.Data (6.0)
      System.Memory (>= 4.5.4) - restriction: || (== net472) (== net48) (&& (== net6.0) (>= net461)) (== netstandard2.0)
      System.Text.Json (>= 6.0)
    System.Net.Http (4.3.4) - restriction: || (== net472) (== net48) (&& (== net6.0) (>= net461)) (&& (== netstandard2.0) (>= net461))
      System.Security.Cryptography.X509Certificates (>= 4.3)
    System.Numerics.Vectors (4.5)
    System.Runtime (4.3.1) - restriction: || (== net472) (== net48) (&& (== net6.0) (>= net461)) (&& (== net6.0) (>= net463)) (&& (== netstandard2.0) (>= net461)) (&& (== netstandard2.0) (>= net463))
    System.Runtime.CompilerServices.Unsafe (6.0)
    System.Runtime.InteropServices.RuntimeInformation (4.3) - restriction: || (== net472) (== net48) (&& (== net6.0) (>= net461)) (&& (== netstandard2.0) (>= net461))
    System.Security.Cryptography.Algorithms (4.3.1) - restriction: || (== net472) (== net48) (&& (== net6.0) (>= net461)) (&& (== netstandard2.0) (>= net461))
      System.IO (>= 4.3)
      System.Runtime (>= 4.3)
      System.Security.Cryptography.Encoding (>= 4.3)
      System.Security.Cryptography.Primitives (>= 4.3)
    System.Security.Cryptography.Encoding (4.3) - restriction: || (== net472) (== net48) (&& (== net6.0) (>= net461)) (&& (== netstandard2.0) (>= net461))
    System.Security.Cryptography.Primitives (4.3) - restriction: || (== net472) (== net48) (&& (== net6.0) (>= net461)) (&& (== net6.0) (>= net463)) (&& (== netstandard2.0) (>= net461)) (&& (== netstandard2.0) (>= net463))
    System.Security.Cryptography.X509Certificates (4.3.2) - restriction: || (== net472) (== net48) (&& (== net6.0) (>= net461)) (&& (== netstandard2.0) (>= net461))
      System.Security.Cryptography.Algorithms (>= 4.3)
      System.Security.Cryptography.Encoding (>= 4.3)
    System.Text.Encodings.Web (6.0)
      System.Buffers (>= 4.5.1) - restriction: || (== net472) (== net48) (&& (== net6.0) (>= net461)) (&& (== net6.0) (< netcoreapp3.1)) (== netstandard2.0)
      System.Memory (>= 4.5.4) - restriction: || (== net472) (== net48) (&& (== net6.0) (>= net461)) (&& (== net6.0) (< netcoreapp3.1)) (== netstandard2.0)
      System.Runtime.CompilerServices.Unsafe (>= 6.0)
    System.Text.Json (6.0.8)
      Microsoft.Bcl.AsyncInterfaces (>= 6.0) - restriction: || (== net472) (== net48) (&& (== net6.0) (>= net461)) (&& (== net6.0) (< netcoreapp3.1)) (== netstandard2.0)
      System.Buffers (>= 4.5.1) - restriction: || (== net472) (== net48) (&& (== net6.0) (>= net461)) (&& (== net6.0) (< netcoreapp3.1)) (== netstandard2.0)
      System.Memory (>= 4.5.4) - restriction: || (== net472) (== net48) (&& (== net6.0) (>= net461)) (&& (== net6.0) (< netcoreapp3.1)) (== netstandard2.0)
      System.Numerics.Vectors (>= 4.5) - restriction: || (== net472) (== net48) (&& (== net6.0) (>= net461)) (&& (== net6.0) (< netcoreapp3.1)) (== netstandard2.0)
      System.Runtime.CompilerServices.Unsafe (>= 6.0)
      System.Text.Encodings.Web (>= 6.0)
      System.Threading.Tasks.Extensions (>= 4.5.4) - restriction: || (== net472) (== net48) (&& (== net6.0) (>= net461)) (&& (== net6.0) (< netcoreapp3.1)) (== netstandard2.0)
      System.ValueTuple (>= 4.5) - restriction: || (== net472) (== net48) (&& (== net6.0) (>= net461)) (&& (== netstandard2.0) (>= net461))
    System.Threading.Tasks.Extensions (4.5.4)
      System.Runtime.CompilerServices.Unsafe (>= 4.5.3) - restriction: || (== net472) (== net48) (&& (== net6.0) (>= net461)) (&& (== net6.0) (< netcoreapp2.1)) (&& (== net6.0) (< netstandard1.0)) (&& (== net6.0) (< netstandard2.0)) (&& (== net6.0) (>= wp8)) (== netstandard2.0)
    System.ValueTuple (4.5) - restriction: || (== net472) (== net48) (&& (== net6.0) (>= net461)) (&& (== netstandard2.0) (>= net461))
