RESTRICTION: || (== net45) (== net471) (== netcoreapp2.0) (== netstandard2.0)
NUGET
  remote: https://api.nuget.org/v3/index.json
    Microsoft.NETCore.Platforms (2.0.1) - restriction: || (&& (== net45) (== net471) (>= wpa81)) (&& (== net45) (< net20) (>= netstandard2.0)) (&& (== net45) (>= netcoreapp2.0)) (&& (== net45) (< netstandard1.0) (>= netstandard2.0) (>= win8)) (&& (== net45) (>= netstandard2.0) (>= uap10.0)) (&& (== net45) (>= netstandard2.0) (>= wp8)) (&& (== net45) (>= netstandard2.0) (>= wpa81)) (&& (== net471) (< net20)) (&& (== net471) (>= netcoreapp2.0)) (&& (== net471) (< netstandard1.0) (>= win8)) (&& (== net471) (< netstandard1.3) (>= wpa81)) (&& (== net471) (>= uap10.0)) (&& (== net471) (>= wp8)) (== netcoreapp2.0) (== netstandard2.0)
    NETStandard.Library (2.0.2) - restriction: || (&& (== net45) (< net20) (>= netstandard2.0)) (&& (== net471) (< net20)) (== netcoreapp2.0) (== netstandard2.0)
      Microsoft.NETCore.Platforms (>= 1.1)
    NUnit (3.10.1)
      NETStandard.Library (>= 2.0) - restriction: || (&& (== net45) (< net20) (>= netstandard2.0)) (&& (== net471) (< net20)) (== netcoreapp2.0) (== netstandard2.0)

GROUP Build
CONTENT: NONE
RESTRICTION: == net45
NUGET
  remote: https://api.nuget.org/v3/index.json
    FAKE (4.63.2) - content: none
    Mono.Cecil (0.10) - content: none
    SourceLink.Fake (1.1) - content: none
GITHUB
  remote: aardvark-platform/aardvark.fake
    FULLPROJECT (bfae10520868567c41bfa9196a7ac7ef79bb50f6)
      FAKE (>= 4.63 < 4.64)
      Mono.Cecil (>= 0.10.0-beta6 < 0.11)
      SourceLink.Fake (>= 1.1 < 1.2)